PATH
  remote: .
  specs:
    enotis_pluggable_auth (0.0.4)
      faraday (~> 0.7.6)
      jruby-openssl (~> 0.7.6.1)
      json (~> 1.6.6)

GEM
  remote: https://rubygems.org/
  specs:
    addressable (2.2.8)
    bouncy-castle-java (1.5.0146.1)
    diff-lcs (1.1.3)
    faraday (0.7.6)
      addressable (~> 2.2)
      multipart-post (~> 1.1)
      rack (~> 1.1)
    jruby-openssl (0.7.6.1)
      bouncy-castle-java (>= 1.5.0146.1)
    json (1.6.7)
    multipart-post (1.1.5)
    rack (1.4.1)
    rake (0.9.2.2)
    rspec (2.10.0)
      rspec-core (~> 2.10.0)
      rspec-expectations (~> 2.10.0)
      rspec-mocks (~> 2.10.0)
    rspec-core (2.10.0)
    rspec-expectations (2.10.0)
      diff-lcs (~> 1.1.3)
    rspec-mocks (2.10.0)

PLATFORMS
  ruby

DEPENDENCIES
  enotis_pluggable_auth!
  rake (~> 0.9.2)
  rspec (~> 2.9)
